PATH
  remote: .
  specs:
    mlm_tree (0.1.0)
      gem_config
      sqlite3

GEM
  remote: https://rubygems.org/
  specs:
    gem_config (0.3.1)
    rake (10.5.0)
    sqlite3 (1.3.13)

PLATFORMS
  ruby

DEPENDENCIES
  bundler (~> 1.16.a)
  mlm_tree!
  rake (~> 10.0)

BUNDLED WITH
   1.16.0.pre.3
